PATH
  remote: .
  specs:
    GitHub-Analytics Web App (1.0.0)
      bson_ext
      chronic_duration
      mongo
      sinatra (~> 1.0)
      warden-github (~> 1.0)

GEM
  remote: http://rubygems.org/
  specs:
    addressable (2.3.5)
    bson (1.9.2)
    bson_ext (1.9.1)
      bson (~> 1.9.1)
    chronic_duration (0.10.2)
      numerizer (~> 0.1.1)
    diff-lcs (1.1.3)
    faraday (0.9.0)
      multipart-post (>= 1.2, < 3)
    mongo (1.9.2)
      bson (~> 1.9.2)
    multipart-post (2.0.0)
    numerizer (0.1.1)
    octokit (2.7.1)
      sawyer (~> 0.5.2)
    rack (1.5.2)
    rack-protection (1.5.2)
      rack
    rack-test (0.5.7)
      rack (>= 1.0)
    rake (10.1.1)
    randexp (0.1.7)
    rspec (2.4.0)
      rspec-core (~> 2.4.0)
      rspec-expectations (~> 2.4.0)
      rspec-mocks (~> 2.4.0)
    rspec-core (2.4.0)
    rspec-expectations (2.4.0)
      diff-lcs (~> 1.1.2)
    rspec-mocks (2.4.0)
    sawyer (0.5.3)
      addressable (~> 2.3.5)
      faraday (~> 0.8, < 0.10)
    shotgun (0.9)
      rack (>= 1.0)
    sinatra (1.4.4)
      rack (~> 1.4)
      rack-protection (~> 1.4)
      tilt (~> 1.3, >= 1.3.4)
    tilt (1.4.1)
    warden (1.2.3)
      rack (>= 1.0)
    warden-github (1.0.0)
      octokit (> 2.1.0)
      warden (> 1.0)

PLATFORMS
  ruby

DEPENDENCIES
  GitHub-Analytics Web App!
  rack-test (~> 0.5.3)
  rake
  randexp (~> 0.1.5)
  rspec (~> 2.4.0)
  shotgun
